GEM
  remote: https://rubygems.org/
  specs:
    activemodel (6.0.3.2)
      activesupport (= 6.0.3.2)
    activerecord (6.0.3.2)
      activemodel (= 6.0.3.2)
      activesupport (= 6.0.3.2)
    activesupport (6.0.3.2)
      concurrent-ruby (~> 1.0, >= 1.0.2)
      i18n (>= 0.7, < 2)
      minitest (~> 5.1)
      tzinfo (~> 1.1)
      zeitwerk (~> 2.2, >= 2.2.2)
    async (1.26.2)
      console (~> 1.0)
      nio4r (~> 2.3)
      timers (~> 4.1)
    async-container (0.16.7)
      async (~> 1.0)
      async-io (~> 1.26)
    async-http (0.52.4)
      async (~> 1.25)
      async-io (~> 1.28)
      async-pool (~> 0.2)
      protocol-http (~> 0.20.0)
      protocol-http1 (~> 0.13.0)
      protocol-http2 (~> 0.14.0)
    async-http-cache (0.2.0)
      async-http (~> 0.51)
    async-http-faraday (0.9.0)
      async-http (~> 0.42)
      faraday
    async-io (1.30.0)
      async (~> 1.14)
    async-pool (0.3.2)
      async (~> 1.25)
    async-redis (0.5.0)
      async (~> 1.8)
      async-io (~> 1.10)
      async-pool (~> 0.2)
      protocol-redis (~> 0.5.0)
    async-websocket (0.15.0)
      async-http (~> 0.51)
      async-io (~> 1.23)
      protocol-websocket (~> 0.7.0)
    base58 (0.2.3)
    bcrypt (3.1.16)
    blake2b (0.10.0)
    build-environment (1.13.0)
    builder (3.2.4)
    clap (1.0.0)
    concurrent-ruby (1.1.7)
    console (1.9.0)
    cuba (3.9.3)
      rack (>= 1.6.0)
    cutest (1.2.3)
      clap
    debase (0.2.4.1)
      debase-ruby_core_source (>= 0.10.2)
    debase-ruby_core_source (0.10.11)
    falcon (0.36.5)
      async (~> 1.13)
      async-container (~> 0.16.0)
      async-http (~> 0.52.0)
      async-http-cache (~> 0.2.0)
      async-io (~> 1.22)
      build-environment (~> 1.13)
      localhost (~> 1.1)
      process-metrics (~> 0.2.0)
      rack (>= 1.0)
      samovar (~> 2.1)
    faraday (1.0.1)
      multipart-post (>= 1.2, < 3)
    ffi (1.13.1)
    google-protobuf (3.13.0)
    hiredis (0.6.3)
    i18n (1.8.5)
      concurrent-ruby (~> 1.0)
    json (2.3.1)
    kaminari-activerecord (1.2.1)
      activerecord
      kaminari-core (= 1.2.1)
    kaminari-core (1.2.1)
    listen (3.2.1)
      rb-fsevent (~> 0.10, >= 0.10.3)
      rb-inotify (~> 0.9, >= 0.9.10)
    localhost (1.1.6)
    logger (1.4.2)
    mapping (1.1.1)
    minitest (5.14.2)
    multipart-post (2.1.1)
    mysql2 (0.5.3)
    nest (3.2.0)
      redic
    nio4r (2.5.2)
    ohm (3.1.1)
      nest (~> 3)
      redic (~> 1.5.0)
      stal
    ohm-contrib (3.0.0)
      ohm (~> 3.0)
    process-metrics (0.2.1)
      console (~> 1.8)
      samovar (~> 2.1)
    protocol-hpack (1.4.2)
    protocol-http (0.20.0)
    protocol-http1 (0.13.0)
      protocol-http (~> 0.19)
    protocol-http2 (0.14.0)
      protocol-hpack (~> 1.4)
      protocol-http (~> 0.18)
    protocol-redis (0.5.1)
    protocol-websocket (0.7.4)
      protocol-http (~> 0.2)
      protocol-http1 (~> 0.2)
    rack (2.2.3)
    rack-test (1.1.0)
      rack (>= 1.0, < 3)
    rake (13.0.1)
    rb-fsevent (0.10.4)
    rb-inotify (0.10.1)
      ffi (~> 1.0)
    redic (1.5.3)
      hiredis
    rerun (0.13.0)
      listen (~> 3.0)
    ruby-debug-ide (0.7.2)
      rake (>= 0.8.1)
    samovar (2.1.4)
      console (~> 1.0)
      mapping (~> 1.0)
    scale.rb (0.2.12)
      activesupport (>= 4.0.0)
      json (~> 2.3.0)
      substrate_common.rb (~> 0.1.9)
      thor (~> 0.19.0)
    stal (0.3.0)
      redic (~> 1.5)
    substrate_common.rb (0.1.9)
      base58
      blake2b
      xxhash
    thor (0.19.4)
    thread_safe (0.3.6)
    timers (4.3.2)
    tzinfo (1.2.7)
      thread_safe (~> 0.1)
    xxhash (0.4.0)
    zeitwerk (2.4.0)

PLATFORMS
  ruby

DEPENDENCIES
  activerecord (~> 6.0)
  activesupport (~> 6.0)
  async (~> 1.26)
  async-http (~> 0.52.4)
  async-http-faraday (~> 0.9.0)
  async-redis (~> 0.5.0)
  async-websocket (~> 0.15.0)
  bcrypt (~> 3.1)
  builder (~> 3.2)
  cuba (~> 3.9, >= 3.9.3)
  cutest
  debase
  falcon (~> 0.36.4)
  faraday (~> 1.0)
  google-protobuf (~> 3.12)
  kaminari-activerecord (~> 1.2)
  logger (~> 1.4)
  mysql2 (~> 0.5.3)
  ohm (~> 3.1)
  ohm-contrib (~> 3.0)
  rack-test (~> 1.1)
  rake (~> 13.0)
  rerun (~> 0.13.0)
  ruby-debug-ide
  scale.rb (~> 0.2.12)
  zeitwerk (~> 2.3)

BUNDLED WITH
   2.1.4
